GEM
  remote: https://rubygems.org/
  specs:
    activemodel (3.2.13)
      activesupport (= 3.2.13)
      builder (~> 3.0.0)
    activerecord (3.2.13)
      activemodel (= 3.2.13)
      activesupport (= 3.2.13)
      arel (~> 3.0.2)
      tzinfo (~> 0.3.29)
    activesupport (3.2.13)
      i18n (= 0.6.1)
      multi_json (~> 1.0)
    addressable (2.3.4)
    arel (3.0.2)
    bcrypt-ruby (3.0.1)
    bson (1.5.2)
    bson_ext (1.5.2)
      bson (= 1.5.2)
    builder (3.0.4)
    columnize (0.3.6)
    cookiejar (0.3.0)
    cucumber (1.3.2)
      builder (>= 2.1.2)
      diff-lcs (>= 1.1.3)
      gherkin (~> 2.12.0)
      multi_json (~> 1.3)
    debugger (1.6.0)
      columnize (>= 0.3.1)
      debugger-linecache (~> 1.2.0)
      debugger-ruby_core_source (~> 1.2.1)
    debugger-linecache (1.2.0)
    debugger-ruby_core_source (1.2.2)
    diff-lcs (1.2.4)
    em-hiredis (0.1.1)
      hiredis (~> 0.4.0)
    em-http-request (1.0.3)
      addressable (>= 2.2.3)
      cookiejar
      em-socksify
      eventmachine (>= 1.0.0.beta.4)
      http_parser.rb (>= 0.5.3)
    em-socksify (0.2.1)
      eventmachine (>= 1.0.0.beta.4)
    eventmachine (1.0.3)
    gherkin (2.12.0)
      multi_json (~> 1.3)
    hiredis (0.4.5)
    http_parser.rb (0.5.3)
    i18n (0.6.1)
    mongo (1.5.2)
      bson (= 1.5.2)
    multi_json (1.7.6)
    net-ldap (0.3.1)
    nokogiri (1.4.7)
    rack (1.5.2)
    rack-protection (1.5.0)
      rack
    rake (10.0.4)
    rspec (2.13.0)
      rspec-core (~> 2.13.0)
      rspec-expectations (~> 2.13.0)
      rspec-mocks (~> 2.13.0)
    rspec-core (2.13.1)
    rspec-expectations (2.13.0)
      diff-lcs (>= 1.1.3, < 2.0)
    rspec-mocks (2.13.1)
    sinatra (1.4.2)
      rack (~> 1.5, >= 1.5.2)
      rack-protection (~> 1.4)
      tilt (~> 1.3, >= 1.3.4)
    tilt (1.4.1)
    tzinfo (0.3.37)
    vines (0.4.5)
      activerecord (~> 3.2.3)
      bcrypt-ruby (~> 3.0.1)
      bson_ext (~> 1.5.2)
      em-hiredis (~> 0.1.1)
      em-http-request (~> 1.0.2)
      eventmachine (>= 0.12.10)
      http_parser.rb (~> 0.5.3)
      mongo (~> 1.5.2)
      net-ldap (~> 0.3.1)
      nokogiri (~> 1.4.7)
    xmpp4r (0.5)
    xmpp4r-simple-19 (1.0.0)
      xmpp4r (>= 0.3.2)

PLATFORMS
  ruby

DEPENDENCIES
  cucumber
  debugger
  rack
  rake
  rspec
  sinatra
  vines
  xmpp4r-simple-19
