GEM
  remote: https://rubygems.org/
  specs:
    activemodel (3.2.13)
      activesupport (= 3.2.13)
      builder (~> 3.0.0)
    activerecord (3.2.13)
      activemodel (= 3.2.13)
      activesupport (= 3.2.13)
      arel (~> 3.0.2)
      tzinfo (~> 0.3.29)
    activesupport (3.2.13)
      i18n (= 0.6.1)
      multi_json (~> 1.0)
    addressable (2.3.4)
    arel (3.0.2)
    atk (2.0.2)
      glib2 (= 2.0.2)
    bcrypt-ruby (3.0.1)
    blather (0.7.1)
      activesupport (>= 3.0.7)
      eventmachine (>= 0.12.6)
      girl_friday
      niceogiri (~> 1.0)
      nokogiri (~> 1.4)
    bson (1.5.2)
    bson_ext (1.5.2)
      bson (= 1.5.2)
    builder (3.0.4)
    cairo (1.12.6)
      pkg-config
    columnize (0.3.6)
    connection_pool (1.1.0)
    cookiejar (0.3.0)
    cucumber (1.3.2)
      builder (>= 2.1.2)
      diff-lcs (>= 1.1.3)
      gherkin (~> 2.12.0)
      multi_json (~> 1.3)
    debugger (1.6.0)
      columnize (>= 0.3.1)
      debugger-linecache (~> 1.2.0)
      debugger-ruby_core_source (~> 1.2.1)
    debugger-linecache (1.2.0)
    debugger-ruby_core_source (1.2.2)
    diff-lcs (1.2.4)
    em-hiredis (0.1.1)
      hiredis (~> 0.4.0)
    em-http-request (1.0.3)
      addressable (>= 2.2.3)
      cookiejar
      em-socksify
      eventmachine (>= 1.0.0.beta.4)
      http_parser.rb (>= 0.5.3)
    em-socksify (0.2.1)
      eventmachine (>= 1.0.0.beta.4)
    eventmachine (1.0.3)
    gdk_pixbuf2 (2.0.2)
      glib2 (= 2.0.2)
    gherkin (2.12.0)
      multi_json (~> 1.3)
    girl_friday (0.11.2)
      connection_pool (~> 1.0)
      rubinius-actor
    glib2 (2.0.2)
      pkg-config
    gtk2 (2.0.2)
      atk (= 2.0.2)
      gdk_pixbuf2 (= 2.0.2)
      pango (= 2.0.2)
    hiredis (0.4.5)
    http_parser.rb (0.5.3)
    i18n (0.6.1)
    mongo (1.5.2)
      bson (= 1.5.2)
    multi_json (1.7.6)
    net-ldap (0.3.1)
    niceogiri (1.0.2)
      nokogiri (~> 1.4)
    nokogiri (1.4.7)
    pango (2.0.2)
      cairo (>= 1.12.5)
      glib2 (= 2.0.2)
    pkg-config (1.1.4)
    rake (10.0.4)
    rspec (2.14.0.rc1)
      rspec-core (= 2.14.0.rc1)
      rspec-expectations (= 2.14.0.rc1)
      rspec-mocks (= 2.14.0.rc1)
    rspec-core (2.14.0.rc1)
    rspec-expectations (2.14.0.rc1)
      diff-lcs (>= 1.1.3, < 2.0)
    rspec-mocks (2.14.0.rc1)
    rubinius-actor (0.0.2)
      rubinius-core-api
    rubinius-core-api (0.0.1)
    tzinfo (0.3.37)
    vines (0.4.5)
      activerecord (~> 3.2.3)
      bcrypt-ruby (~> 3.0.1)
      bson_ext (~> 1.5.2)
      em-hiredis (~> 0.1.1)
      em-http-request (~> 1.0.2)
      eventmachine (>= 0.12.10)
      http_parser.rb (~> 0.5.3)
      mongo (~> 1.5.2)
      net-ldap (~> 0.3.1)
      nokogiri (~> 1.4.7)

PLATFORMS
  ruby

DEPENDENCIES
  blather
  cucumber
  debugger
  gtk2
  rake
  rspec (~> 2.14.0.rc1)
  vines
